GEM
  remote: https://rubygems.org/
  specs:
    concurrent-ruby (1.1.7)
    dotenv (2.7.6)
    dry-cli (0.6.0)
      concurrent-ruby (~> 1.0)
    ffi (1.13.1)
    kramdown (2.3.0)
      rexml
    kramdown-converter-pdf (1.0.4)
      kramdown (~> 2.0)
      prawn (~> 2.0)
      prawn-table (~> 0.2.2)
    listen (3.2.1)
      rb-fsevent (~> 0.10, >= 0.10.3)
      rb-inotify (~> 0.9, >= 0.9.10)
    pastel (0.8.0)
      tty-color (~> 0.5)
    pdf-core (0.8.1)
    prawn (2.3.0)
      pdf-core (~> 0.8.1)
      ttfunk (~> 1.6)
    prawn-table (0.2.2)
      prawn (>= 1.3.0, < 3.0.0)
    rb-fsevent (0.10.4)
    rb-inotify (0.10.1)
      ffi (~> 1.0)
    rexml (3.2.4)
    ttfunk (1.6.2.1)
    tty-color (0.5.2)
    tty-cursor (0.7.1)
    tty-editor (0.6.0)
      tty-prompt (~> 0.22)
    tty-prompt (0.22.0)
      pastel (~> 0.8)
      tty-reader (~> 0.8)
    tty-reader (0.8.0)
      tty-cursor (~> 0.7)
      tty-screen (~> 0.8)
      wisper (~> 2.0)
    tty-screen (0.8.1)
    wisper (2.0.1)

PLATFORMS
  ruby

DEPENDENCIES
  dotenv (~> 2.7, >= 2.7.6)
  dry-cli (~> 0.6)
  kramdown (~> 2.3)
  kramdown-converter-pdf (~> 1.0, >= 1.0.4)
  listen (~> 3.0)
  tty-editor (~> 0.6.0)

RUBY VERSION
   ruby 2.7.2p137

BUNDLED WITH
   2.1.4
